{
	"EEGChannelCount": 64,
	"EEGReference": "average",
	"InstitutionAddress": "University of Rochester Medical Center, 601 Elmwood Avenue, Box 603, KMRB G.9602, Rochester, NY 14642, USA",
	"InstitutionName": "University of Rochester",
	"InstitutionalDepartmentName": "The Frederick J. and Marion A. Schindler Cognitive Neurophysiology Laboratory, The Del Monte Institute for Neuroscience , Department of Neuroscience",
	"Manufacturer": "BioSemi",
	"ManufacturersModelName": "ActiveTwo",
	"PowerLineFrequency": 60,
	"RecordingType": "continuous",
	"SamplingFrequency": 512,
	"SoftwareFilters": "n/a",
	"TaskDescription": "Passive task - no behavioural measure",
	"TaskName": "MMN"
}
